GEM
  specs:
    base64 (0.3.0)
    bigdecimal (3.3.1)
    builder (3.3.0)
    cucumber (10.1.1)
      base64 (~> 0.2)
      builder (~> 3.2)
      cucumber-ci-environment (> 9, < 11)
      cucumber-core (> 15, < 17)
      cucumber-cucumber-expressions (> 17, < 19)
      cucumber-html-formatter (> 20.3, < 22)
      diff-lcs (~> 1.5)
      logger (~> 1.6)
      mini_mime (~> 1.1)
      multi_test (~> 1.1)
      sys-uname (~> 1.3)
    cucumber-ci-environment (10.0.1)
    cucumber-core (15.3.0)
      cucumber-gherkin (> 27, < 35)
      cucumber-messages (> 26, < 30)
      cucumber-tag-expressions (> 5, < 9)
    cucumber-cucumber-expressions (18.0.1)
      bigdecimal
    cucumber-gherkin (34.0.0)
      cucumber-messages (> 25, < 29)
    cucumber-html-formatter (21.15.1)
      cucumber-messages (> 19, < 28)
    cucumber-messages (27.2.0)
    cucumber-tag-expressions (8.0.0)
    diff-lcs (1.6.2)
    ffi (1.17.2-x86_64-linux-gnu)
    logger (1.6.4)
    memoist3 (1.0.0)
    mini_mime (1.1.5)
    multi_test (1.1.0)
    rspec (3.13.1)
      rspec-core (~> 3.13.0)
      rspec-expectations (~> 3.13.0)
      rspec-mocks (~> 3.13.0)
    rspec-core (3.13.5)
      rspec-support (~> 3.13.0)
    rspec-expectations (3.13.5)
      diff-lcs (>= 1.2.0, < 2.0)
      rspec-support (~> 3.13.0)
    rspec-mocks (3.13.6)
      diff-lcs (>= 1.2.0, < 2.0)
      rspec-support (~> 3.13.0)
    rspec-support (3.13.6)
    sys-uname (1.4.1)
      ffi (~> 1.1)
      memoist3 (~> 1.0.0)

PLATFORMS
  x86_64-linux-gnu

DEPENDENCIES
  cucumber
  rspec

BUNDLED WITH
   2.7.2
